PATH
  remote: .
  specs:
    wkhtmltopdf_for_rails (0.0.6)

GEM
  remote: https://rubygems.org/
  specs:
    rake (10.0.4)

PLATFORMS
  ruby

DEPENDENCIES
  rake
  wkhtmltopdf_for_rails!
